PATH
  remote: .
  specs:
    rudash (4.1.1)

GEM
  remote: https://rubygems.org/
  specs:
    ast (2.4.0)
    coderay (1.1.2)
    jaro_winkler (1.5.3)
    method_source (0.9.2)
    parallel (1.13.0)
    parser (2.6.5.0)
      ast (~> 2.4.0)
    power_assert (1.1.5)
    powerpack (0.1.2)
    pry (0.12.2)
      coderay (~> 1.1.0)
      method_source (~> 0.9.0)
    rainbow (3.0.0)
    rake (12.3.3)
    rubocop (0.57.2)
      jaro_winkler (~> 1.5.1)
      parallel (~> 1.10)
      parser (>= 2.5)
      powerpack (~> 0.1)
      rainbow (>= 2.2.2, < 4.0)
      ruby-progressbar (~> 1.7)
      unicode-display_width (~> 1.0, >= 1.0.1)
    ruby-progressbar (1.10.1)
    test-unit (3.3.4)
      power_assert
    unicode-display_width (1.6.0)

PLATFORMS
  ruby

DEPENDENCIES
  pry (~> 0.12.2)
  rake (~> 12.3.3)
  rubocop (~> 0.57.1)
  rudash!
  test-unit (~> 3.3.4, >= 3.3.4)

BUNDLED WITH
   1.17.3
